PATH
  remote: .
  specs:
    pphtml (0.1.3)
      coderay
      htmlbeautifier

GEM
  remote: https://rubygems.org/
  specs:
    coderay (1.1.3)
    htmlbeautifier (1.4.3)
    minitest (5.25.1)
    rake (13.2.1)

PLATFORMS
  ruby

DEPENDENCIES
  bundler (~> 2.0)
  minitest (~> 5.0)
  pphtml!
  rake (~> 13.0)

BUNDLED WITH
   2.5.22
