PATH
  remote: .
  specs:
    pphtml (0.1.2)
      coderay
      htmlbeautifier

GEM
  remote: https://rubygems.org/
  specs:
    coderay (1.1.2)
    htmlbeautifier (1.3.1)
    minitest (5.13.0)
    rake (10.5.0)

PLATFORMS
  ruby

DEPENDENCIES
  bundler (~> 2.0)
  minitest (~> 5.0)
  pphtml!
  rake (~> 10.0)

BUNDLED WITH
   2.0.2
